GIT
  remote: git://github.com/bengler/hupper.git
  revision: 4eb51c501d62be1d84e6cd845e4122e21c4b0b62
  specs:
    hupper (0.0.1)

GIT
  remote: git://github.com/benglerpebbles/o5-logging.git
  revision: db9686026912448e19fa0512e46f66c871a45da7
  specs:
    o5-logging (0.0.1)

GIT
  remote: git://github.com/benglerpebbles/pebblebed.git
  revision: f4efa511d0fbce91b285b1811bf54a248e78aade
  specs:
    pebblebed (0.0.17)
      activesupport
      curb (>= 0.7.14)
      deepstruct
      futurevalue
      i18n
      nokogiri
      pathbuilder
      queryparams
      yajl-ruby

GIT
  remote: git://github.com/benglerpebbles/petroglyph.git
  revision: 145f8fdf63ebc935d81e809cf93eb0439192c94f
  specs:
    petroglyph (0.0.2)
      tilt

GIT
  remote: git://github.com/origo/bengler_test_helper.git
  revision: 599b0c5cec320a9d7b1f1bca378c9e33bd25f27d
  specs:
    bengler_test_helper (0.0.2)

GIT
  remote: git://github.com/rack/rack-contrib.git
  revision: 451f029857d655c4a37012564eb49665d2f9313a
  specs:
    rack-contrib (1.1.0)
      rack (>= 0.9.1)

GIT
  remote: git@github.com:origo/capistrano-bengler.git
  revision: c52bb6bd2ac1151599d89fb702d044796d8fc0ec
  specs:
    capistrano-bengler (0.0.13)
      capistrano (>= 2.9)
      capistrano-ext (>= 1.2.1)

GEM
  remote: http://rubygems.org/
  specs:
    activemodel (3.2.3)
      activesupport (= 3.2.3)
      builder (~> 3.0.0)
    activerecord (3.2.3)
      activemodel (= 3.2.3)
      activesupport (= 3.2.3)
      arel (~> 3.0.2)
      tzinfo (~> 0.3.29)
    activesupport (3.2.3)
      i18n (~> 0.6)
      multi_json (~> 1.0)
    addressable (2.2.8)
    approvals (0.0.4)
      nokogiri
      thor
    arel (3.0.2)
    backports (2.5.3)
    builder (3.0.0)
    capistrano (2.9.0)
      highline
      net-scp (>= 1.0.0)
      net-sftp (>= 2.0.0)
      net-ssh (>= 2.0.14)
      net-ssh-gateway (>= 1.1.0)
    capistrano-ext (1.2.1)
      capistrano (>= 1.0.0)
    crack (0.3.1)
    curb (0.8.0)
    dalli (2.0.5)
    deepstruct (0.0.1)
    diff-lcs (1.1.3)
    eventmachine (0.12.10)
    futurevalue (0.0.2)
    highline (1.6.12)
    i18n (0.6.0)
    kgio (2.7.4)
    multi_json (1.3.5)
    net-scp (1.0.4)
      net-ssh (>= 1.99.1)
    net-sftp (2.0.5)
      net-ssh (>= 2.0.9)
    net-ssh (2.3.0)
    net-ssh-gateway (1.1.0)
      net-ssh (>= 1.99.1)
    nokogiri (1.5.2)
    pathbuilder (0.0.2)
    pebble_path (0.0.2)
      pebblebed (>= 0.0.15)
    pg (0.13.2)
    pingable (0.0.9)
      rack (>= 1.0.0)
    queryparams (0.0.3)
    rack (1.4.1)
    rack-protection (1.2.0)
      rack
    rack-test (0.6.1)
      rack (>= 1.0)
    raindrops (0.8.1)
    rake (0.9.2.2)
    rspec (2.10.0)
      rspec-core (~> 2.10.0)
      rspec-expectations (~> 2.10.0)
      rspec-mocks (~> 2.10.0)
    rspec-core (2.10.0)
    rspec-expectations (2.10.0)
      diff-lcs (~> 1.1.3)
    rspec-mocks (2.10.1)
    sanitize (2.0.3)
      nokogiri (>= 1.4.4, < 1.6)
    simplecov (0.6.4)
      multi_json (~> 1.0)
      simplecov-html (~> 0.5.3)
    simplecov-html (0.5.3)
    sinatra (1.3.2)
      rack (~> 1.3, >= 1.3.6)
      rack-protection (~> 1.2)
      tilt (~> 1.3, >= 1.3.3)
    sinatra-activerecord (0.1.3)
      sinatra (>= 0.9.4)
    sinatra-contrib (1.3.1)
      backports (>= 2.0)
      eventmachine
      rack-protection
      rack-test
      sinatra (~> 1.3.0)
      tilt (~> 1.3)
    thor (0.14.6)
    tilt (1.3.3)
    timecop (0.3.5)
    ts_vector_tags (0.0.2)
    tzinfo (0.3.33)
    unicorn (4.1.1)
      kgio (~> 2.4)
      rack
      raindrops (~> 0.6)
    vcr (2.1.1)
    webmock (1.8.7)
      addressable (>= 2.2.7)
      crack (>= 0.1.7)
    yajl-ruby (1.1.0)

PLATFORMS
  ruby

DEPENDENCIES
  activerecord
  approvals
  bengler_test_helper!
  capistrano (~> 2.9.0)
  capistrano-bengler!
  curb
  dalli
  hupper!
  o5-logging!
  pebble_path
  pebblebed!
  petroglyph!
  pg
  pingable
  rack-contrib!
  rack-test
  rake
  rspec (~> 2.8)
  sanitize
  simplecov
  sinatra
  sinatra-activerecord
  sinatra-contrib
  thor (~> 0.14.6)
  timecop
  ts_vector_tags
  unicorn (~> 4.1.1)
  vcr
  webmock
  yajl-ruby
