GIT
  remote: git://github.com/bengler/bengler_test_helper.git
  revision: e57a992fefc2f42c4b763ef56398459300eb7643
  specs:
    bengler_test_helper (0.0.5)

GIT
  remote: git://github.com/bengler/pebbles-cors.git
  revision: b6f4820f2633ddecda25ea287923233db2f8119e
  specs:
    pebbles-cors (0.1.1)
      dalli
      pebblebed
      rack

GIT
  remote: git://github.com/rack/rack-contrib.git
  revision: 451f029857d655c4a37012564eb49665d2f9313a
  specs:
    rack-contrib (1.1.0)
      rack (>= 0.9.1)

GIT
  remote: git://github.com/rkh/rack-protection.git
  revision: eddcc6dae781e995a0c594eeafe0d111fe68ac62
  specs:
    rack-protection (1.5.2)
      rack

GEM
  remote: https://rubygems.org/
  specs:
    activemodel (3.2.3)
      activesupport (= 3.2.3)
      builder (~> 3.0.0)
    activerecord (3.2.3)
      activemodel (= 3.2.3)
      activesupport (= 3.2.3)
      arel (~> 3.0.2)
      tzinfo (~> 0.3.29)
    activesupport (3.2.3)
      i18n (~> 0.6)
      multi_json (~> 1.0)
    addressable (2.2.8)
    airbrake (3.1.4)
      builder
      girl_friday
    amq-protocol (1.9.2)
    approvals (0.0.6)
      nokogiri
      thor
    arel (3.0.2)
    arrayfields (4.7.4)
    backports (2.5.3)
    builder (3.0.0)
    bunny (1.2.2)
      amq-protocol (>= 1.9.2)
    chronic (0.8.0)
    connection_pool (0.9.2)
    crack (0.3.1)
    curb (0.8.5)
    dalli (2.7.0)
    deepstruct (0.0.7)
    diff-lcs (1.2.4)
    eventmachine (1.0.3)
    fattr (2.2.1)
    futurevalue (0.0.2)
    girl_friday (0.10.0)
      connection_pool (~> 0.9.0)
    i18n (0.6.9)
    kgio (2.7.4)
    main (5.1.0)
      arrayfields (>= 4.7.4)
      chronic (>= 0.6.2)
      fattr (>= 2.2.0)
      map (>= 5.1.0)
    map (6.2.0)
    memcache_mock (0.0.11)
    mini_portile (0.5.2)
    multi_json (1.8.4)
    nokogiri (1.6.1)
      mini_portile (~> 0.5.0)
    pathbuilder (0.0.2)
    pebblebed (0.2)
      activesupport
      bunny (~> 1.2.2)
      curb (>= 0.8.4)
      deepstruct (>= 0.0.4)
      futurevalue
      nokogiri
      pathbuilder
      queryparams
      yajl-ruby
    pebbles-path (0.0.3)
      pebbles-uid (>= 0.0.6)
    pebbles-uid (0.0.17)
    petroglyph (0.0.3)
      tilt
    pg (0.13.2)
    queryparams (0.0.3)
    rack (1.5.2)
    rack-test (0.6.1)
      rack (>= 1.0)
    raindrops (0.8.1)
    rake (0.9.2.2)
    rollbar (0.12.15)
      multi_json (~> 1.3)
    rspec (2.14.1)
      rspec-core (~> 2.14.0)
      rspec-expectations (~> 2.14.0)
      rspec-mocks (~> 2.14.0)
    rspec-core (2.14.4)
    rspec-expectations (2.14.0)
      diff-lcs (>= 1.1.3, < 2.0)
    rspec-mocks (2.14.2)
    sanitize (2.1.0)
      nokogiri (>= 1.4.4)
    servolux (0.10.0)
    simplecov (0.6.4)
      multi_json (~> 1.0)
      simplecov-html (~> 0.5.3)
    simplecov-html (0.5.3)
    sinatra (1.3.2)
      rack (~> 1.3, >= 1.3.6)
      rack-protection (~> 1.2)
      tilt (~> 1.3, >= 1.3.3)
    sinatra-activerecord (0.1.3)
      sinatra (>= 0.9.4)
    sinatra-contrib (1.3.1)
      backports (>= 2.0)
      eventmachine
      rack-protection
      rack-test
      sinatra (~> 1.3.0)
      tilt (~> 1.3)
    thor (0.14.6)
    tilt (1.3.3)
    timecop (0.3.5)
    ts_vector_tags (0.0.10)
    tzinfo (0.3.33)
    unicorn (4.1.1)
      kgio (~> 2.4)
      rack
      raindrops (~> 0.6)
    vcr (2.1.1)
    webmock (1.8.7)
      addressable (>= 2.2.7)
      crack (>= 0.1.7)
    yajl-ruby (1.2.0)

PLATFORMS
  ruby

DEPENDENCIES
  activerecord
  airbrake (~> 3.1.4)
  approvals
  bengler_test_helper!
  curb
  dalli
  main
  memcache_mock
  nokogiri (~> 1.6.1)
  pebblebed (>= 0.2)
  pebbles-cors!
  pebbles-path (>= 0.0.3)
  pebbles-uid
  petroglyph
  pg
  rack-contrib!
  rack-protection!
  rack-test
  rake
  rollbar
  rspec (~> 2.8)
  sanitize (~> 2.1.0)
  servolux
  simplecov
  sinatra
  sinatra-activerecord
  sinatra-contrib
  thor (~> 0.14.6)
  timecop
  ts_vector_tags
  unicorn (~> 4.1.1)
  vcr
  webmock
  yajl-ruby
