GIT
  remote: https://github.com/bengler/pebblebed
  revision: 622320f9cb889ec8235af17eb7eb43a9a066ae80
  branch: http-use-excon
  specs:
    pebblebed (0.4.0)
      absolute_time
      activesupport
      bunny
      deepstruct (>= 0.0.4)
      excon (>= 0.52.0)
      futurevalue
      nokogiri
      pathbuilder
      queryparams
      yajl-ruby

GIT
  remote: https://github.com/bengler/pebbles-cors
  revision: 9bf8ca58e2a7138da0e602f1d57c33202367f854
  specs:
    pebbles-cors (0.2.5)
      dalli
      pebblebed
      rack

GEM
  remote: https://rubygems.org/
  specs:
    absolute_time (1.0.0)
    activemodel (4.1.16)
      activesupport (= 4.1.16)
      builder (~> 3.1)
    activerecord (4.1.16)
      activemodel (= 4.1.16)
      activesupport (= 4.1.16)
      arel (~> 5.0.0)
    activesupport (4.1.16)
      i18n (~> 0.6, >= 0.6.9)
      json (~> 1.7, >= 1.7.7)
      minitest (~> 5.1)
      thread_safe (~> 0.1)
      tzinfo (~> 1.1)
    addressable (2.5.2)
      public_suffix (>= 2.0.2, < 4.0)
    airbrake (3.1.17)
      builder
      multi_json
    amq-protocol (1.9.2)
    approvals (0.0.24)
      nokogiri (~> 1.6)
      thor (~> 0.18)
    ar-multidb (0.1.13)
      activerecord (>= 3.0)
      activesupport (>= 3.0)
    arel (5.0.1.20140414130214)
    arrayfields (4.9.2)
    backports (3.11.1)
    builder (3.2.3)
    bunny (1.7.1)
      amq-protocol (~> 1.9.2)
    chronic (0.10.2)
    coderay (1.1.2)
    concurrent-ruby (1.0.5)
    crack (0.4.3)
      safe_yaml (~> 1.0.0)
    curb (0.9.4)
    dalli (2.7.6)
    deepstruct (0.0.7)
    diff-lcs (1.3)
    excon (0.60.0)
    fattr (2.3.0)
    futurevalue (0.0.2)
    git-version-bump (0.15.1)
    i18n (0.9.4)
      concurrent-ruby (~> 1.0)
    its (0.2.0)
      rspec-core
    jbuilder (2.3.2)
      activesupport (>= 3.0.0, < 5)
      multi_json (~> 1.2)
    json (1.8.6)
    kgio (2.11.2)
    main (6.1.0)
      arrayfields (>= 4.7.4)
      chronic (>= 0.6.2)
      fattr (>= 2.2.0)
      map (>= 5.1.0)
    map (6.6.0)
    memcache_mock (0.0.14)
    mercenary (0.3.6)
    method_source (0.8.2)
    mini_portile2 (2.3.0)
    minitest (5.11.3)
    multi_json (1.13.1)
    nokogiri (1.8.2)
      mini_portile2 (~> 2.3.0)
    pathbuilder (0.0.2)
    pebbles-path (0.0.3)
      pebbles-uid (>= 0.0.6)
    pebbles-river (0.2.6)
      activesupport (>= 3.0)
      bunny (~> 1.7.0)
      mercenary (~> 0.3.3)
      pebblebed (>= 0.3.0)
      servolux (~> 0.10)
    pebbles-uid (0.0.22)
    petroglyph (0.0.7)
      tilt
    pg (0.18.4)
    pg_array_parser (0.0.9)
    postgres_ext (2.4.1)
      activerecord (>= 4.0.0)
      arel (>= 4.0.1)
      pg_array_parser (~> 0.0.9)
    pry (0.10.4)
      coderay (~> 1.1.0)
      method_source (~> 0.8.1)
      slop (~> 3.4)
    public_suffix (3.0.1)
    queryparams (0.0.3)
    rack (1.6.8)
    rack-contrib (1.4.0)
      git-version-bump (~> 0.15)
      rack (~> 1.4)
    rack-protection (1.5.3)
      rack
    rack-test (0.8.2)
      rack (>= 1.0, < 3)
    rails-observers (0.1.5)
      activemodel (>= 4.0)
    raindrops (0.19.0)
    rake (0.9.2.2)
    rollbar (0.12.20)
      multi_json (~> 1.3)
    rspec (2.99.0)
      rspec-core (~> 2.99.0)
      rspec-expectations (~> 2.99.0)
      rspec-mocks (~> 2.99.0)
    rspec-core (2.99.2)
    rspec-expectations (2.99.2)
      diff-lcs (>= 1.1.3, < 2.0)
    rspec-mocks (2.99.4)
    safe_yaml (1.0.4)
    sanitize (2.1.0)
      nokogiri (>= 1.4.4)
    servolux (0.10.0)
    simplecov (0.6.4)
      multi_json (~> 1.0)
      simplecov-html (~> 0.5.3)
    simplecov-html (0.5.3)
    sinatra (1.4.8)
      rack (~> 1.5)
      rack-protection (~> 1.4)
      tilt (>= 1.3, < 3)
    sinatra-activerecord (2.0.13)
      activerecord (>= 3.2)
      sinatra (>= 1.0)
    sinatra-contrib (1.4.7)
      backports (>= 2.0)
      multi_json
      rack-protection
      rack-test
      sinatra (~> 1.4.0)
      tilt (>= 1.3, < 3)
    slop (3.6.0)
    thor (0.20.0)
    thread_safe (0.3.6)
    tilt (2.0.8)
    tilt-jbuilder (0.7.1)
      jbuilder
      tilt (>= 1.3.0, < 3)
    timecop (0.3.5)
    ts_vector_tags (0.0.11)
    tzinfo (1.2.5)
      thread_safe (~> 0.1)
    unicorn (4.8.3)
      kgio (~> 2.6)
      rack
      raindrops (~> 0.7)
    vcr (2.1.1)
    webmock (1.8.11)
      addressable (>= 2.2.7)
      crack (>= 0.1.7)
    yajl-ruby (1.3.1)

PLATFORMS
  ruby

DEPENDENCIES
  activerecord (~> 4.1.16)
  airbrake (~> 3.1.4)
  amq-protocol (~> 1.9.2)
  approvals (~> 0.0.6)
  ar-multidb (~> 0.1.13)
  crack (~> 0.4.2)
  curb (~> 0.9.3)
  dalli (~> 2.7.0)
  its (~> 0.2.0)
  jbuilder (~> 2.3.2)
  main (~> 6.1.0)
  memcache_mock (~> 0.0.11)
  mercenary (~> 0.3.4)
  nokogiri (~> 1.8.1)
  pebblebed!
  pebbles-cors!
  pebbles-path (~> 0.0.3)
  pebbles-river (~> 0.2.0)
  pebbles-uid (~> 0.0.22)
  petroglyph (~> 0.0.7)
  pg (~> 0.18.1)
  postgres_ext (~> 2.4.1)
  pry (~> 0.10.1)
  rack (~> 1.6.4)
  rack-contrib (~> 1.4.0)
  rails-observers (~> 0.1)
  rake (~> 0.9.2.2)
  rollbar (~> 0.12.15)
  rspec (~> 2.9)
  sanitize (~> 2.1.0)
  servolux (~> 0.10.0)
  simplecov (~> 0.6.4)
  sinatra (~> 1.4.7)
  sinatra-activerecord (~> 2.0.10)
  sinatra-contrib (~> 1.4.7)
  tilt-jbuilder (~> 0.7.0)
  timecop (~> 0.3.5)
  ts_vector_tags (~> 0.0.11)
  unicorn (~> 4.8.3)
  vcr (~> 2.1.1)
  webmock (~> 1.8.7)
  yajl-ruby (~> 1.3.1)

BUNDLED WITH
   1.13.6
