GIT
  remote: git://github.com/bengler/bengler_test_helper.git
  revision: e9258320a096beeaa6b1bdae33252f290886f9bd
  specs:
    bengler_test_helper (0.0.2)

GIT
  remote: git://github.com/rack/rack-contrib.git
  revision: 451f029857d655c4a37012564eb49665d2f9313a
  specs:
    rack-contrib (1.1.0)
      rack (>= 0.9.1)

GIT
  remote: git://github.com/rkh/rack-protection.git
  revision: 4a771b640d70dc1acc54b93e654537a5efec0491
  specs:
    rack-protection (1.2.0)
      rack

GIT
  remote: git@github.com:bengler/pebbles-cors.git
  revision: 0a92598d9889ca1bdd6ff4be1e54c78f94c23116
  specs:
    pebbles-cors (0.0.1)
      dalli
      pebblebed
      rack

GEM
  remote: http://rubygems.org/
  specs:
    activemodel (3.2.3)
      activesupport (= 3.2.3)
      builder (~> 3.0.0)
    activerecord (3.2.3)
      activemodel (= 3.2.3)
      activesupport (= 3.2.3)
      arel (~> 3.0.2)
      tzinfo (~> 0.3.29)
    activesupport (3.2.3)
      i18n (~> 0.6)
      multi_json (~> 1.0)
    addressable (2.2.8)
    airbrake (3.1.4)
      builder
      girl_friday
    approvals (0.0.6)
      nokogiri
      thor
    arel (3.0.2)
    arrayfields (4.7.4)
    backports (2.5.3)
    builder (3.0.0)
    bunny (0.8.0)
    chronic (0.8.0)
    connection_pool (0.9.2)
    crack (0.3.1)
    curb (0.8.3)
    dalli (2.6.2)
    deepstruct (0.0.5)
    diff-lcs (1.1.3)
    eventmachine (0.12.10)
    fattr (2.2.1)
    futurevalue (0.0.2)
    girl_friday (0.10.0)
      connection_pool (~> 0.9.0)
    i18n (0.6.1)
    kgio (2.7.4)
    main (5.1.0)
      arrayfields (>= 4.7.4)
      chronic (>= 0.6.2)
      fattr (>= 2.2.0)
      map (>= 5.1.0)
    map (6.2.0)
    memcache_mock (0.0.11)
    multi_json (1.5.0)
    nokogiri (1.5.6)
    pathbuilder (0.0.2)
    pebblebed (0.0.42)
      activesupport
      bunny
      curb (>= 0.7.14)
      deepstruct (>= 0.0.4)
      futurevalue
      i18n
      nokogiri
      pathbuilder
      queryparams
      yajl-ruby
    pebbles-path (0.0.3)
      pebbles-uid (>= 0.0.6)
    pebbles-uid (0.0.13)
    petroglyph (0.0.3)
      tilt
    pg (0.13.2)
    queryparams (0.0.3)
    rack (1.5.2)
    rack-test (0.6.1)
      rack (>= 1.0)
    raindrops (0.8.1)
    rake (0.9.2.2)
    rspec (2.10.0)
      rspec-core (~> 2.10.0)
      rspec-expectations (~> 2.10.0)
      rspec-mocks (~> 2.10.0)
    rspec-core (2.10.0)
    rspec-expectations (2.10.0)
      diff-lcs (~> 1.1.3)
    rspec-mocks (2.10.1)
    sanitize (2.0.3)
      nokogiri (>= 1.4.4, < 1.6)
    servolux (0.10.0)
    simplecov (0.6.4)
      multi_json (~> 1.0)
      simplecov-html (~> 0.5.3)
    simplecov-html (0.5.3)
    sinatra (1.3.2)
      rack (~> 1.3, >= 1.3.6)
      rack-protection (~> 1.2)
      tilt (~> 1.3, >= 1.3.3)
    sinatra-activerecord (0.1.3)
      sinatra (>= 0.9.4)
    sinatra-contrib (1.3.1)
      backports (>= 2.0)
      eventmachine
      rack-protection
      rack-test
      sinatra (~> 1.3.0)
      tilt (~> 1.3)
    thor (0.14.6)
    tilt (1.3.3)
    timecop (0.3.5)
    ts_vector_tags (0.0.9)
    tzinfo (0.3.33)
    unicorn (4.1.1)
      kgio (~> 2.4)
      rack
      raindrops (~> 0.6)
    vcr (2.1.1)
    webmock (1.8.7)
      addressable (>= 2.2.7)
      crack (>= 0.1.7)
    yajl-ruby (1.1.0)

PLATFORMS
  ruby

DEPENDENCIES
  activerecord
  airbrake (~> 3.1.4)
  approvals
  bengler_test_helper!
  curb
  dalli
  main
  memcache_mock
  pebblebed
  pebbles-cors!
  pebbles-path (>= 0.0.3)
  pebbles-uid
  petroglyph
  pg
  rack-contrib!
  rack-protection!
  rack-test
  rake
  rspec (~> 2.8)
  sanitize
  servolux
  simplecov
  sinatra
  sinatra-activerecord
  sinatra-contrib
  thor (~> 0.14.6)
  timecop
  ts_vector_tags
  unicorn (~> 4.1.1)
  vcr
  webmock
  yajl-ruby
